GIT
  remote: https://github.com/exastencil/porous.git
  revision: 1ef235e770c0a00b896f6e4d5de4c1e94c1f4b5a
  branch: rewrite
  specs:
    porous (0.3.2)
      rackup (~> 2.1)
      thor (~> 1.3)

GEM
  remote: https://rubygems.org/
  specs:
    rack (3.0.9.1)
    rackup (2.1.0)
      rack (>= 3)
      webrick (~> 1.8)
    thor (1.3.1)
    webrick (1.8.1)

PLATFORMS
  arm64-darwin-23
  ruby

DEPENDENCIES
  porous!

RUBY VERSION
   ruby 3.3.0p0

BUNDLED WITH
   2.5.6
