GIT
  remote: https://github.com/exastencil/porous.git
  revision: 7e2d983e05e7dc27e35ef69d45ef7f9ebe0a3e98
  branch: rewrite
  specs:
    porous (0.3.2)
      rackup (~> 2.1)
      thor (~> 1.3)

GEM
  remote: https://rubygems.org/
  specs:
    rack (3.0.9.1)
    rackup (2.1.0)
      rack (>= 3)
      webrick (~> 1.8)
    thor (1.3.1)
    webrick (1.8.1)

PLATFORMS
  arm64-darwin-23
  ruby

DEPENDENCIES
  porous!

RUBY VERSION
   ruby 3.3.0p0

BUNDLED WITH
   2.5.6
